GEM
  remote: https://rubygems.org/
  specs:
    activesupport
      concurrent-ruby
      i18n
      minitest
      tzinfo
    backports
    climate_control
    concurrent-ruby
    diff-lcs
    dotenv
    encrypted_strings
    httparty
      multi_xml
    i18n
      concurrent-ruby
    minitest
    multi_json
    multi_xml
    mustermann
    rack
    rack-protection
      rack
    rake
    rspec
      rspec-core
      rspec-expectations
      rspec-mocks
    rspec-core
      rspec-support
    rspec-expectations
      diff-lcs
      rspec-support
    rspec-mocks
      diff-lcs
      rspec-support
    rspec-support
    sinatra
      mustermann
      rack
      rack-protection
      tilt
    sinatra-contrib
      backports
      multi_json
      mustermann
      rack-protection
      sinatra
      tilt
    thread_safe
    tilt
    tzinfo
      thread_safe

PLATFORMS
  ruby

DEPENDENCIES
  activesupport
  climate_control
  dotenv
  encrypted_strings
  httparty
  rake
  rspec
  sinatra
  sinatra-contrib

BUNDLED WITH
   2.1.4
